GEM
  remote: https://rubygems.org/
  specs:
    ast (2.4.2)
    aws-eventstream (1.0.3)
    aws-sdk (2.11.383)
      aws-sdk-resources (= 2.11.383)
    aws-sdk-core (2.11.383)
      aws-sigv4 (~> 1.0)
      jmespath (~> 1.0)
    aws-sdk-resources (2.11.383)
      aws-sdk-core (= 2.11.383)
    aws-sigv4 (1.1.0)
      aws-eventstream (~> 1.0, >= 1.0.2)
    docile (1.4.0)
    dotenv (2.7.5)
    jmespath (1.4.0)
    kgio (2.11.2)
    logger (1.4.1)
    minitest (5.12.2)
    mustermann (1.0.3)
    parallel (1.20.1)
    parser (3.0.2.0)
      ast (~> 2.4.1)
    rack (2.0.7)
    rack-protection (2.0.7)
      rack
    rainbow (3.0.0)
    raindrops (0.19.0)
    rake (13.0.0)
    regexp_parser (2.1.1)
    rexml (3.2.5)
    rmagick (4.0.0)
    rubocop (1.18.3)
      parallel (~> 1.10)
      parser (>= 3.0.0.0)
      rainbow (>= 2.2.2, < 4.0)
      regexp_parser (>= 1.8, < 3.0)
      rexml
      rubocop-ast (>= 1.7.0, < 2.0)
      ruby-progressbar (~> 1.7)
      unicode-display_width (>= 1.4.0, < 3.0)
    rubocop-ast (1.7.0)
      parser (>= 3.0.1.1)
    ruby-progressbar (1.11.0)
    rugged (0.28.3.1)
    sequel (5.46.0)
    simplecov (0.21.2)
      docile (~> 1.1)
      simplecov-html (~> 0.11)
      simplecov_json_formatter (~> 0.1)
    simplecov-html (0.12.3)
    simplecov_json_formatter (0.1.3)
    sinatra (2.0.7)
      mustermann (~> 1.0)
      rack (~> 2.0)
      rack-protection (= 2.0.7)
      tilt (~> 2.0)
    sqlite3 (1.4.2)
    tilt (2.0.10)
    unicode-display_width (2.0.0)
    unicorn (5.5.1)
      kgio (~> 2.6)
      raindrops (~> 0.7)

PLATFORMS
  ruby

DEPENDENCIES
  aws-sdk (~> 2)
  dotenv
  logger
  minitest
  rake
  rmagick
  rubocop
  rugged
  sequel
  simplecov
  sinatra
  sqlite3
  unicorn

BUNDLED WITH
   1.17.2
