GEM
  remote: https://rubygems.org/
  specs:
    aws-eventstream (1.0.3)
    aws-sdk (2.11.383)
      aws-sdk-resources (= 2.11.383)
    aws-sdk-core (2.11.383)
      aws-sigv4 (~> 1.0)
      jmespath (~> 1.0)
    aws-sdk-resources (2.11.383)
      aws-sdk-core (= 2.11.383)
    aws-sigv4 (1.1.0)
      aws-eventstream (~> 1.0, >= 1.0.2)
    docile (1.4.0)
    dotenv (2.7.5)
    jmespath (1.4.0)
    kgio (2.11.2)
    logger (1.4.1)
    minitest (5.12.2)
    mustermann (1.0.3)
    rack (2.0.7)
    rack-protection (2.0.7)
      rack
    raindrops (0.19.0)
    rake (13.0.0)
    rmagick (4.0.0)
    rugged (0.28.3.1)
    sequel (5.46.0)
    simplecov (0.21.2)
      docile (~> 1.1)
      simplecov-html (~> 0.11)
      simplecov_json_formatter (~> 0.1)
    simplecov-html (0.12.3)
    simplecov_json_formatter (0.1.3)
    sinatra (2.0.7)
      mustermann (~> 1.0)
      rack (~> 2.0)
      rack-protection (= 2.0.7)
      tilt (~> 2.0)
    sqlite3 (1.4.2)
    tilt (2.0.10)
    unicorn (5.5.1)
      kgio (~> 2.6)
      raindrops (~> 0.7)

PLATFORMS
  ruby

DEPENDENCIES
  aws-sdk (~> 2)
  dotenv
  logger
  minitest
  rake
  rmagick
  rugged
  sequel
  simplecov
  sinatra
  sqlite3
  unicorn

BUNDLED WITH
   1.17.2
